PATH
  remote: .
  specs:
    vrb (0.0.2)
      rbvmomi

GEM
  remote: https://rubygems.org/
  specs:
    builder (3.2.2)
    mini_portile (0.5.1)
    nokogiri (1.6.0)
      mini_portile (~> 0.5.0)
    rake (10.1.0)
    rbvmomi (1.6.0)
      builder
      nokogiri (>= 1.4.1)
      trollop
    trollop (2.0)

PLATFORMS
  ruby

DEPENDENCIES
  bundler
  rake
  vrb!
